PATH
  remote: .
  specs:
    active_merchant_webpay (0.0.6)
      activemerchant (>= 1.10.0)

GEM
  remote: http://rubygems.org/
  specs:
    active_utils (1.0.3)
      activesupport (>= 2.3.11)
      i18n
    activemerchant (1.26.0)
      active_utils (>= 1.0.2)
      activesupport (>= 2.3.11)
      builder (>= 2.0.0)
      i18n
      json (>= 1.5.1)
      money
      nokogiri
    activesupport (3.2.7)
      i18n (~> 0.6)
      multi_json (~> 1.0)
    builder (3.0.0)
    i18n (0.6.0)
    json (1.7.4)
    money (5.0.0)
      i18n (~> 0.4)
      json
    multi_json (1.3.6)
    nokogiri (1.5.5)

PLATFORMS
  ruby

DEPENDENCIES
  active_merchant_webpay!
